PATH
  remote: .
  specs:
    version_info (1.7.3)

GEM
  remote: http://rubygems.org/
  specs:
    diff-lcs (1.1.3)
    notifier (0.2.1)
    rake (0.9.2.2)
    rspec (2.10.0)
      rspec-core (~> 2.10.0)
      rspec-expectations (~> 2.10.0)
      rspec-mocks (~> 2.10.0)
    rspec-core (2.10.0)
    rspec-expectations (2.10.0)
      diff-lcs (~> 1.1.3)
    rspec-mocks (2.10.1)
    test_notifier (1.0.0)
      notifier

PLATFORMS
  ruby
  x86-mingw32

DEPENDENCIES
  bundler
  notifier
  rake
  rspec
  test_notifier
  version_info!
