PATH
  remote: .
  specs:
    version_info (1.8.5)

GEM
  remote: http://rubygems.org/
  specs:
    coveralls (0.7.0)
      multi_json (~> 1.3)
      rest-client
      simplecov (>= 0.7)
      term-ansicolor
      thor
    diff-lcs (1.2.5)
    docile (1.1.1)
    mime-types (2.0)
    multi_json (1.8.2)
    notifier (0.4.1)
    rake (10.1.0)
    rest-client (1.6.7)
      mime-types (>= 1.16)
    rspec (2.14.1)
      rspec-core (~> 2.14.0)
      rspec-expectations (~> 2.14.0)
      rspec-mocks (~> 2.14.0)
    rspec-core (2.14.7)
    rspec-expectations (2.14.4)
      diff-lcs (>= 1.1.3, < 2.0)
    rspec-mocks (2.14.4)
    simplecov (0.8.2)
      docile (~> 1.1.0)
      multi_json
      simplecov-html (~> 0.8.0)
    simplecov-html (0.8.0)
    term-ansicolor (1.2.2)
      tins (~> 0.8)
    test_notifier (1.0.1)
      notifier
    thor (0.18.1)
    tins (0.13.1)

PLATFORMS
  ruby
  x86-mingw32

DEPENDENCIES
  bundler
  coveralls
  notifier
  rake
  rspec
  test_notifier
  version_info!
