PATH
  remote: .
  specs:
    version_info (1.7.6)

GEM
  remote: http://rubygems.org/
  specs:
    diff-lcs (1.2.1)
    notifier (0.4.1)
    rake (10.0.3)
    rspec (2.13.0)
      rspec-core (~> 2.13.0)
      rspec-expectations (~> 2.13.0)
      rspec-mocks (~> 2.13.0)
    rspec-core (2.13.1)
    rspec-expectations (2.13.0)
      diff-lcs (>= 1.1.3, < 2.0)
    rspec-mocks (2.13.0)
    ruby-snarl (0.0.8)
    test_notifier (1.0.1)
      notifier

PLATFORMS
  ruby
  x86-mingw32

DEPENDENCIES
  bundler
  notifier
  rake
  rspec
  ruby-snarl
  test_notifier
  version_info!
